GIT
  remote: git://github.com/OrganisedMinds/om_api_client.git
  revision: 279aeff94b0c07555162f4379c6b20b86cd1ea1a
  specs:
    om_api_client (0.0.1)
      faraday (~> 0.8)
      faraday-cookie_jar (= 0.0.4)
      rufus-json
      yajl-ruby

PATH
  remote: .
  specs:
    omcli (0.0.1)
      gli (= 2.8.1)

GEM
  remote: https://rubygems.org/
  specs:
    aruba (0.5.3)
      childprocess (>= 0.3.6)
      cucumber (>= 1.1.1)
      rspec-expectations (>= 2.7.0)
    builder (3.2.2)
    childprocess (0.3.9)
      ffi (~> 1.0, >= 1.0.11)
    cucumber (1.3.10)
      builder (>= 2.1.2)
      diff-lcs (>= 1.1.3)
      gherkin (~> 2.12)
      multi_json (>= 1.7.5, < 2.0)
      multi_test (>= 0.0.2)
    diff-lcs (1.2.5)
    domain_name (0.5.15)
      unf (>= 0.0.5, < 1.0.0)
    faraday (0.8.8)
      multipart-post (~> 1.2.0)
    faraday-cookie_jar (0.0.4)
      faraday (>= 0.7.4)
      http-cookie (~> 1.0.0)
    ffi (1.9.3)
    formatador (0.2.4)
    gherkin (2.12.2)
      multi_json (~> 1.3)
    gli (2.8.1)
    http-cookie (1.0.2)
      domain_name (~> 0.5)
    json (1.8.1)
    multi_json (1.8.2)
    multi_test (0.0.2)
    multipart-post (1.2.0)
    rake (10.1.0)
    rdoc (4.0.1)
      json (~> 1.4)
    rspec-expectations (2.14.4)
      diff-lcs (>= 1.1.3, < 2.0)
    rufus-json (1.0.6)
    unf (0.1.3)
      unf_ext
    unf_ext (0.0.6)
    yajl-ruby (1.1.0)

PLATFORMS
  ruby

DEPENDENCIES
  aruba
  formatador
  om_api_client!
  omcli!
  rake
  rdoc
